GEM
  remote: https://rubygems.org/
  specs:
    kramdown (2.3.1)
      rexml
    mustache (0.99.8)
    nokogiri (1.12.5-x86_64-linux)
      racc (~> 1.4)
    racc (1.6.0)
    rexml (3.2.5)
    ronn-ng (0.9.1)
      kramdown (~> 2.1)
      mustache (~> 0.7, >= 0.7.0)
      nokogiri (~> 1.9, >= 1.9.0)

PLATFORMS
  ruby

DEPENDENCIES
  ronn-ng

BUNDLED WITH
   2.2.24
